GEM
  remote: http://rubygems.org/
  specs:
    bourbon (3.1.6)
      sass (>= 3.2.0)
      thor
    capistrano (2.15.4)
      highline
      net-scp (>= 1.0.0)
      net-sftp (>= 2.0.0)
      net-ssh (>= 2.0.14)
      net-ssh-gateway (>= 1.1.0)
    coffee-script (2.2.0)
      coffee-script-source
      execjs
    coffee-script-source (1.6.3)
    daemons (1.1.9)
    eventmachine (1.0.3)
    execjs (1.4.0)
      multi_json (~> 1.0)
    haml (4.0.3)
      tilt
    highline (1.6.19)
    httparty (0.11.0)
      multi_json (~> 1.0)
      multi_xml (>= 0.5.2)
    jsmin (1.0.1)
    json (1.8.0)
    kgio (2.8.0)
    multi_json (1.7.7)
    multi_xml (0.5.3)
    net-scp (1.1.1)
      net-ssh (>= 2.6.5)
    net-sftp (2.1.2)
      net-ssh (>= 2.6.5)
    net-ssh (2.6.7)
    net-ssh-gateway (1.2.0)
      net-ssh (>= 2.6.5)
    rack (1.5.2)
    rack-protection (1.5.0)
      rack
    rack-test (0.6.2)
      rack (>= 1.0)
    raindrops (0.11.0)
    sass (3.2.10)
    shotgun (0.9)
      rack (>= 1.0)
    sinatra (1.4.3)
      rack (~> 1.4)
      rack-protection (~> 1.4)
      tilt (~> 1.3, >= 1.3.4)
    sinatra-assetpack (0.3.1)
      jsmin
      rack-test
      sinatra
      tilt (>= 1.3.0)
    thin (1.5.1)
      daemons (>= 1.0.9)
      eventmachine (>= 0.12.6)
      rack (>= 1.0.0)
    thor (0.18.1)
    tilt (1.4.1)
    unicorn (4.6.2)
      kgio (~> 2.6)
      rack
      raindrops (~> 0.7)

PLATFORMS
  ruby

DEPENDENCIES
  bourbon
  capistrano
  coffee-script
  haml
  httparty
  json
  sass
  shotgun
  sinatra
  sinatra-assetpack
  thin
  unicorn
